GEM
  remote: https://rubygems.org/
  remote: https://s3.amazonaws.com/bosh-jenkins-gems/
  specs:
    archive-tar-minitar (0.5.2)
    aws-sdk (1.8.5)
      json (~> 1.4)
      nokogiri (>= 1.4.4)
      uuidtools (~> 2.1)
    blobstore_client (1.5.0.pre.611)
      aws-sdk (= 1.8.5)
      bosh_common (~> 1.5.0.pre.611)
      fog (~> 1.11.1)
      httpclient (= 2.2.4)
      multi_json (~> 1.1)
      ruby-atmos-pure (~> 1.0.5)
    bosh_cli (1.5.0.pre.611)
      archive-tar-minitar (~> 0.5)
      blobstore_client (~> 1.5.0.pre.611)
      bosh_common (~> 1.5.0.pre.611)
      highline (~> 1.6.2)
      httpclient (= 2.2.4)
      json_pure (~> 1.7.6)
      net-scp (~> 1.1.0)
      net-ssh (>= 2.2.1)
      net-ssh-gateway (~> 1.1.0)
      netaddr (~> 1.5.0)
      progressbar (~> 0.9.0)
      terminal-table (~> 1.4.3)
    bosh_common (1.5.0.pre.611)
    builder (3.2.0)
    excon (0.21.0)
    fog (1.11.1)
      builder
      excon (~> 0.20)
      formatador (~> 0.2.0)
      json (~> 1.7)
      mime-types
      net-scp (~> 1.1)
      net-ssh (>= 2.1.3)
      nokogiri (~> 1.5.0)
      ruby-hmac
    formatador (0.2.4)
    highline (1.6.18)
    httpclient (2.2.4)
    json (1.7.7)
    json_pure (1.7.7)
    log4r (1.1.10)
    mime-types (1.23)
    multi_json (1.7.3)
    net-scp (1.1.0)
      net-ssh (>= 2.6.5)
    net-ssh (2.6.7)
    net-ssh-gateway (1.1.0)
      net-ssh (>= 1.99.1)
    netaddr (1.5.0)
    nokogiri (1.5.9)
    progressbar (0.9.2)
    ruby-atmos-pure (1.0.5)
      log4r (>= 1.1.9)
      ruby-hmac (>= 0.4.0)
    ruby-hmac (0.4.0)
    terminal-table (1.4.5)
    uuidtools (2.1.4)

PLATFORMS
  ruby

DEPENDENCIES
  bosh_cli (~> 1.5.0.pre.611)
